{
	"TaskName": "imagery",
	"Manufacturer": "n/a",
	"PowerLineFrequency": 50.0,
	"SamplingFrequency": 200.0,
	"SoftwareFilters": {
		"preprocessing_steps": {
			"Description": "Bandpass filtering (1-100 Hz), Channel selection (32 channels from Weibo2014)"
		}
	},
	"RecordingDuration": 479.995,
	"RecordingType": "continuous",
	"EEGReference": "n/a",
	"EEGGround": "n/a",
	"EEGPlacementScheme": "10-05 system",
	"EEGChannelCount": 32,
	"EOGChannelCount": 0,
	"ECGChannelCount": 0,
	"EMGChannelCount": 0,
	"TriggerChannelCount": 0,
	"SoftwareVersions": "n/a",
	"HardwareFilters": {
		"Bandpass": {
			"LowCutoffFrequency": 1.0,
			"HighCutoffFrequency": 100.0,
			"Type": "frequency-domain"
		}
	},
	"TaskDescription": "[motor imagery] cross-dataset transfer learning Trial duration: 4.0s, imagery: 4.0s.",
	"Instructions": "n/a",
	"CogAtlasID": "https://www.cognitiveatlas.org/task/id/trm_4c8a834779883/",
	"InstitutionName": "Imperial College London",
	"InstitutionAddress": "Brain & Behaviour Lab, Imperial College London, United Kingdom",
	"InstitutionalDepartmentName": "Brain & Behaviour Lab",
	"CapManufacturer": "n/a",
	"CapManufacturersModelName": "n/a",
	"ManufacturersModelName": "n/a",
	"SubjectArtefactDescription": "n/a",
	"DeviceSerialNumber": "n/a",
	"Description": "Motor Imagery dataset from BEETL Competition - Dataset B. Part of the NeurIPS 2021 BEETL competition Task 2 focusing on transfer learning for motor imagery decoding. Dataset B contains data from Weibo2014 with 32 EEG channels selected around the motor cortex, sampled at 200 Hz. 4-class motor imagery: left hand, right hand, feet, and rest.",
	"MISCChannelCount": 0
}